PATH
  remote: .
  specs:
    twitty (0.1.0)
      oauth

GEM
  remote: https://rubygems.org/
  specs:
    diff-lcs (1.3)
    oauth (0.5.4)
    rake (13.0.1)
    rspec (3.7.0)
      rspec-core (~> 3.7.0)
      rspec-expectations (~> 3.7.0)
      rspec-mocks (~> 3.7.0)
    rspec-core (3.7.1)
      rspec-support (~> 3.7.0)
    rspec-expectations (3.7.0)
      diff-lcs (>= 1.2.0, < 2.0)
      rspec-support (~> 3.7.0)
    rspec-mocks (3.7.0)
      diff-lcs (>= 1.2.0, < 2.0)
      rspec-support (~> 3.7.0)
    rspec-support (3.7.1)

PLATFORMS
  ruby

DEPENDENCIES
  bundler (~> 1.17)
  oauth
  rake (~> 13.0)
  rspec (~> 3.0)
  twitty!

BUNDLED WITH
   1.17.3
